GIT
  remote: https://github.com/LeoShi/anemone.git
  revision: 3fbc35d2bea630100e0f47a0f79de93d5f220cbd
  specs:
    anemone (0.7.2)
      nokogiri (>= 1.3.0)
      robotex (>= 1.0.0)

GEM
  remote: https://rubygems.org/
  specs:
    mini_portile (0.5.2)
    nokogiri (1.6.1)
      mini_portile (~> 0.5.0)
    robotex (1.0.0)

PLATFORMS
  ruby

DEPENDENCIES
  anemone!
